GIT
  remote: /Users/mbklein/Workspace/gems/dor-services
  revision: 7ee3c7789d2ba8c01164a7bf103a7e98d81b4fb2
  specs:
    dor-services (0.1.3)
      active-fedora (>= 1.2.6)
      nokogiri (= 1.4.3.1)
      om (>= 1.0.2)
      rest-client
      solr-ruby (>= 0.0.8)
      validatable

GEM
  remote: http://rubygems.org/
  remote: http://sulair-rails-dev.stanford.edu/
  specs:
    active-fedora (1.2.9)
      activeresource (< 3.0.0)
      activeresource (< 3.0.0)
      mediashelf-loggable
      mime-types (>= 1.16)
      mime-types (>= 1.16)
      multipart-post
      multipart-post
      nokogiri
      nokogiri
      om (>= 1.0)
      om (>= 1.0)
      solr-ruby (>= 0.0.6)
      solr-ruby (>= 0.0.6)
      solrizer (>= 0.3.0)
      solrizer (>= 0.3.0)
      xml-simple (>= 1.0.12)
      xml-simple (>= 1.0.12)
    activeresource (2.3.11)
      activesupport (= 2.3.11)
    activesupport (2.3.11)
    facets (2.9.1)
    mediashelf-loggable (0.4.0)
    mime-types (1.16)
    multipart-post (1.1.0)
    nokogiri (1.4.3.1)
    om (1.0.2)
      facets
      facets
      nokogiri
      nokogiri (>= 1.4.2)
    rack (1.2.1)
    rack-conneg (0.1.4)
      rack (>= 1.0)
    rest-client (1.6.1)
      mime-types (>= 1.16)
    shotgun (0.9)
      rack (>= 1.0)
    sinatra (1.1.3)
      rack (~> 1.1)
      tilt (>= 1.2.2, < 2.0)
    solr-ruby (0.0.8)
    solrizer (0.3.2)
      mediashelf-loggable
      nokogiri
      nokogiri
      om
      solr-ruby
    tilt (1.2.2)
    validatable (1.6.7)
    xml-simple (1.0.14)

PLATFORMS
  ruby

DEPENDENCIES
  activesupport
  dor-services!
  rack-conneg
  shotgun
  sinatra
