GIT
  remote: git://github.com/mbklein/prawn.git
  revision: e2ee4e7f335e7490fefa26ce2c26acd7b74056d6
  specs:
    prawn (0.11.1)
      pdf-reader (>= 0.9.0)
      ttfunk (~> 1.0.0)

GIT
  remote: git://github.com/sul-dlss/rack-webauth.git
  revision: a8987c65240bcfa4ea2a69ec84b1e2ccb64e56f3
  specs:
    rack-webauth (0.1.3)
      rack

PATH
  remote: /Users/mbklein/Workspace/gems/dor-services
  specs:
    dor-services (1.4.0)
      active-fedora (>= 1.2.6)
      json
      mod-cons
      nokogiri (= 1.4.3.1)
      om (>= 1.2.0)
      rest-client
      ruby-cache
      solr-ruby (>= 0.0.8)
      systemu
      uuidtools
      validatable

GEM
  remote: http://rubygems.org/
  remote: http://sulair-rails-dev.stanford.edu/
  specs:
    Ascii85 (1.0.1)
    abstract (1.0.0)
    actionmailer (3.0.8)
      actionpack (= 3.0.8)
      mail (~> 2.2.19)
    actionpack (3.0.8)
      activemodel (= 3.0.8)
      activesupport (= 3.0.8)
      builder (~> 2.1.2)
      erubis (~> 2.6.6)
      i18n (~> 0.5.0)
      rack (~> 1.2.1)
      rack-mount (~> 0.6.14)
      rack-test (~> 0.5.7)
      tzinfo (~> 0.3.23)
    active-fedora (2.3.3)
      activeresource
      equivalent-xml
      facets
      mediashelf-loggable
      mime-types (>= 1.16)
      multipart-post
      nokogiri
      om (>= 1.0)
      solr-ruby (>= 0.0.6)
      solrizer (> 1.0.0)
      xml-simple (>= 1.0.12)
    activemodel (3.0.8)
      activesupport (= 3.0.8)
      builder (~> 2.1.2)
      i18n (~> 0.5.0)
    activerecord (3.0.8)
      activemodel (= 3.0.8)
      activesupport (= 3.0.8)
      arel (~> 2.0.10)
      tzinfo (~> 0.3.23)
    activeresource (3.0.8)
      activemodel (= 3.0.8)
      activesupport (= 3.0.8)
    activesupport (3.0.8)
    arel (2.0.10)
    awesome_print (0.4.0)
    barby (0.4.3)
    builder (2.1.2)
    daemons (1.1.4)
    equivalent-xml (0.2.7)
      nokogiri (>= 1.4.3)
    erubis (2.6.6)
      abstract (>= 1.0.0)
    eventmachine (0.12.10)
    facets (2.9.1)
    haml (3.1.2)
    highline (1.6.2)
    i18n (0.5.0)
    interactive_editor (0.0.8)
      spoon (>= 0.0.1)
    json (1.5.3)
    lyberteam-devel (0.4.0)
      highline
      pony
      rake (>= 0.8.7)
    mail (2.2.19)
      activesupport (>= 2.3.6)
      i18n (>= 0.4.0)
      mime-types (~> 1.16)
      treetop (~> 1.4.8)
    mediashelf-loggable (0.4.7)
    mime-types (1.16)
    mod-cons (0.2.0)
    multipart-post (1.1.3)
    mysql2 (0.2.11)
    nokogiri (1.4.3.1)
    om (1.3.0)
      nokogiri (>= 1.4.2)
    pdf-reader (0.9.2)
      Ascii85 (>= 0.9)
    polyglot (0.3.1)
    pony (1.3)
      mail (> 2.0)
    rack (1.2.3)
    rack-flash (0.1.1)
      rack
    rack-mount (0.6.14)
      rack (>= 1.0.0)
    rack-test (0.5.7)
      rack (>= 1.0)
    rails (3.0.8)
      actionmailer (= 3.0.8)
      actionpack (= 3.0.8)
      activerecord (= 3.0.8)
      activeresource (= 3.0.8)
      activesupport (= 3.0.8)
      bundler (~> 1.0)
      railties (= 3.0.8)
    railties (3.0.8)
      actionpack (= 3.0.8)
      activesupport (= 3.0.8)
      rake (>= 0.8.7)
      thor (~> 0.14.4)
    rake (0.9.2)
    rest-client (1.6.3)
      mime-types (>= 1.16)
    ruby-cache (0.3.0)
    sass (3.1.2)
    solr-ruby (0.0.8)
    solrizer (1.1.0)
      daemons
      mediashelf-loggable
      nokogiri
      om (>= 1.0.0)
      stomp
      xml-simple
    spoon (0.0.1)
    sqlite3-ruby (1.2.5)
    stomp (1.1.9)
    systemu (2.2.0)
    thin (1.2.11)
      daemons (>= 1.0.9)
      eventmachine (>= 0.12.6)
      rack (>= 1.0.0)
    thor (0.14.6)
    treetop (1.4.9)
      polyglot (>= 0.3.1)
    ttfunk (1.0.1)
    tzinfo (0.3.28)
    uuidtools (2.1.2)
    validatable (1.6.7)
    wirble (0.1.3)
    xml-simple (1.1.0)

PLATFORMS
  ruby

DEPENDENCIES
  awesome_print
  barby
  dor-services!
  haml
  interactive_editor
  lyberteam-devel
  mod-cons (>= 0.2.0)
  mysql2 (~> 0.2.7)
  prawn!
  rack-flash
  rack-webauth!
  rails (= 3.0.8)
  rake
  sass
  sqlite3-ruby (~> 1.2.5)
  thin
  wirble
