GIT
  remote: git://github.com/Papipo/hassle.git
  revision: 3a12feb7ae8c94acde7bdf1cc8a34bb89ab39f44
  specs:
    hassle (0.0.1)
      haml
      rack

GIT
  remote: git://github.com/projectblacklight/blacklight.git
  revision: d6c271751e422cdf8602bf8afa08decbfb324928
  branch: feature-facet-refactoring
  specs:
    blacklight (3.1.0)
      kaminari
      marc (~> 0.4.3)
      nokogiri (~> 1.5)
      rails (~> 3.0)
      rsolr (~> 1.0)
      rsolr-ext (~> 1.0)
      unicode

GIT
  remote: git://github.com/sul-dlss/rack-webauth.git
  revision: a8987c65240bcfa4ea2a69ec84b1e2ccb64e56f3
  specs:
    rack-webauth (0.1.3)
      rack

PATH
  remote: /Users/mbklein/Workspace/gems/dor-services
  specs:
    dor-services (2.1.2)
      active-fedora (>= 1.2.6)
      json
      lyber-utils
      mod-cons (>= 0.2.0)
      nokogiri (>= 1.4.3.1)
      om (>= 1.2.0)
      rest-client
      ruby-cache
      solr-ruby (>= 0.0.8)
      systemu
      uuidtools
      validatable

GEM
  remote: http://rubygems.org/
  remote: http://sulair-rails-dev.stanford.edu/
  specs:
    Ascii85 (1.0.1)
    abstract (1.0.0)
    actionmailer (3.0.8)
      actionpack (= 3.0.8)
      mail (~> 2.2.19)
    actionpack (3.0.8)
      activemodel (= 3.0.8)
      activesupport (= 3.0.8)
      builder (~> 2.1.2)
      erubis (~> 2.6.6)
      i18n (~> 0.5.0)
      rack (~> 1.2.1)
      rack-mount (~> 0.6.14)
      rack-test (~> 0.5.7)
      tzinfo (~> 0.3.23)
    active-fedora (3.0.4)
      activeresource (~> 3.0.0)
      activesupport (~> 3.0.0)
      equivalent-xml
      facets
      mediashelf-loggable
      mime-types (>= 1.16)
      multipart-post (= 1.1.2)
      nokogiri
      om (>= 1.0)
      solr-ruby (>= 0.0.6)
      solrizer (> 1.0.0)
      xml-simple (>= 1.0.12)
    activemodel (3.0.8)
      activesupport (= 3.0.8)
      builder (~> 2.1.2)
      i18n (~> 0.5.0)
    activerecord (3.0.8)
      activemodel (= 3.0.8)
      activesupport (= 3.0.8)
      arel (~> 2.0.10)
      tzinfo (~> 0.3.23)
    activeresource (3.0.8)
      activemodel (= 3.0.8)
      activesupport (= 3.0.8)
    activesupport (3.0.8)
    arel (2.0.10)
    bagit (0.2.0)
      validatable (~> 1.6)
    barby (0.5.0)
    builder (2.1.2)
    daemons (1.1.4)
    equivalent-xml (0.2.7)
      nokogiri (>= 1.4.3)
    erubis (2.6.6)
      abstract (>= 1.0.0)
    eventmachine (0.12.10)
    facets (2.9.2)
    haml (3.1.3)
    i18n (0.5.0)
    json (1.6.1)
    kaminari (0.12.4)
      rails (>= 3.0.0)
    lyber-utils (0.1.1)
      bagit (>= 0.1.0)
      nokogiri (>= 1.4.3.1)
      systemu (>= 1.2.0)
      validatable
    mail (2.2.19)
      activesupport (>= 2.3.6)
      i18n (>= 0.4.0)
      mime-types (~> 1.16)
      treetop (~> 1.4.8)
    marc (0.4.3)
    mediashelf-loggable (0.4.7)
    mime-types (1.16)
    mod-cons (0.2.0)
    multipart-post (1.1.2)
    mysql2 (0.2.13)
    nokogiri (1.5.0)
    om (1.4.0)
      mediashelf-loggable
      nokogiri (>= 1.4.2)
    pdf-reader (0.10.0)
      Ascii85 (~> 1.0.0)
    polyglot (0.3.2)
    prawn (0.12.0)
      pdf-reader (>= 0.9.0)
      ttfunk (~> 1.0.2)
    rack (1.2.4)
    rack-flash (0.1.2)
      rack
    rack-mount (0.6.14)
      rack (>= 1.0.0)
    rack-test (0.5.7)
      rack (>= 1.0)
    rails (3.0.8)
      actionmailer (= 3.0.8)
      actionpack (= 3.0.8)
      activerecord (= 3.0.8)
      activeresource (= 3.0.8)
      activesupport (= 3.0.8)
      bundler (~> 1.0)
      railties (= 3.0.8)
    railties (3.0.8)
      actionpack (= 3.0.8)
      activesupport (= 3.0.8)
      rake (>= 0.8.7)
      thor (~> 0.14.4)
    rake (0.9.2)
    rest-client (1.6.7)
      mime-types (>= 1.16)
    rsolr (1.0.2)
      builder (>= 2.1.2)
    rsolr-ext (1.0.3)
      rsolr (>= 1.0.2)
    ruby-cache (0.3.0)
    ruby-graphviz (1.0.0)
    sass (3.1.7)
    solr-ruby (0.0.8)
    solrizer (1.1.2)
      daemons
      mediashelf-loggable
      nokogiri
      om (>= 1.4.0)
      stomp
      xml-simple
    sqlite3-ruby (1.2.5)
    stomp (1.1.9)
    systemu (2.4.0)
    thin (1.2.11)
      daemons (>= 1.0.9)
      eventmachine (>= 0.12.6)
      rack (>= 1.0.0)
    thor (0.14.6)
    treetop (1.4.10)
      polyglot
      polyglot (>= 0.3.1)
    ttfunk (1.0.2)
    tzinfo (0.3.29)
    unicode (0.4.0)
    uuidtools (2.1.2)
    validatable (1.6.7)
    xml-simple (1.1.0)

PLATFORMS
  ruby

DEPENDENCIES
  barby
  blacklight!
  dor-services!
  haml
  hassle!
  mod-cons (>= 0.2.0)
  mysql2 (~> 0.2.7)
  prawn (>= 0.12.0)
  rack-flash
  rack-webauth!
  rails (= 3.0.8)
  rake
  ruby-graphviz
  sass
  sqlite3-ruby (~> 1.2.5)
  thin
