GIT
  remote: git://github.com/sul-dlss/rack-webauth.git
  revision: a8987c65240bcfa4ea2a69ec84b1e2ccb64e56f3
  specs:
    rack-webauth (0.1.3)
      rack

PATH
  remote: /Users/mbklein/Workspace/gems/dor-services
  specs:
    dor-services (3.0.2)
      active-fedora (~> 3.3.0)
      confstruct
      json
      lyber-utils
      nokogiri (>= 1.4.3.1)
      om (~> 1.5.0)
      progressbar
      rest-client
      ruby-cache
      ruby-graphviz
      solr-ruby (>= 0.0.8)
      systemu
      uuidtools
      validatable

PATH
  remote: /Users/mbklein/Workspace/hydra/active_fedora
  specs:
    active-fedora (3.3.1)
      activeresource (>= 3.0.0)
      activesupport (>= 3.0.0)
      equivalent-xml
      mediashelf-loggable
      mime-types (>= 1.16)
      multipart-post (= 1.1.2)
      nokogiri
      om (>= 1.5.1)
      rdf
      rdf-rdfxml
      rubydora (~> 0.5.2)
      solr-ruby (>= 0.0.6)
      solrizer (~> 1.2.0)
      xml-simple (>= 1.0.12)

GEM
  remote: http://rubygems.org/
  remote: http://sulair-rails-dev.stanford.edu/
  specs:
    Ascii85 (1.0.1)
    actionmailer (3.2.0)
      actionpack (= 3.2.0)
      mail (~> 2.4.0)
    actionpack (3.2.0)
      activemodel (= 3.2.0)
      activesupport (= 3.2.0)
      builder (~> 3.0.0)
      erubis (~> 2.7.0)
      journey (~> 1.0.0)
      rack (~> 1.4.0)
      rack-cache (~> 1.1)
      rack-test (~> 0.6.1)
      sprockets (~> 2.1.2)
    activemodel (3.2.0)
      activesupport (= 3.2.0)
      builder (~> 3.0.0)
    activerecord (3.2.0)
      activemodel (= 3.2.0)
      activesupport (= 3.2.0)
      arel (~> 3.0.0)
      tzinfo (~> 0.3.29)
    activeresource (3.2.0)
      activemodel (= 3.2.0)
      activesupport (= 3.2.0)
    activesupport (3.2.0)
      i18n (~> 0.6)
      multi_json (~> 1.0)
    addressable (2.2.7)
    akami (1.0.0)
      gyoku (>= 0.4.0)
    arel (3.0.2)
    bagit (0.2.0)
      validatable (~> 1.6)
    barby (0.5.0)
    blacklight (3.2.2)
      compass (>= 0.12.alpha.2)
      kaminari
      marc (~> 0.4.3)
      nokogiri (~> 1.5)
      rails (~> 3.1)
      rsolr (~> 1.0.6)
      rsolr-ext (~> 1.0.3)
      sass-rails (~> 3.1)
      unicode
    builder (3.0.0)
    capistrano (2.11.2)
      highline
      net-scp (>= 1.0.0)
      net-sftp (>= 2.0.0)
      net-ssh (>= 2.0.14)
      net-ssh-gateway (>= 1.1.0)
    childprocess (0.3.1)
      ffi (~> 1.0.6)
    chunky_png (1.2.5)
    coderay (1.0.5)
    coffee-rails (3.2.2)
      coffee-script (>= 2.2.0)
      railties (~> 3.2.0)
    coffee-script (2.2.0)
      coffee-script-source
      execjs
    coffee-script-source (1.2.0)
    compass (0.12.rc.1)
      chunky_png (~> 1.2)
      fssm (>= 0.2.7)
      sass (~> 3.1)
    confstruct (0.2.1)
    daemons (1.1.8)
    equivalent-xml (0.2.9)
      nokogiri (>= 1.4.3)
    erubis (2.7.0)
    eventmachine (0.12.10)
    execjs (1.3.0)
      multi_json (~> 1.0)
    fastercsv (1.5.4)
    ffi (1.0.11)
    fssm (0.2.8.1)
    gyoku (0.4.4)
      builder (>= 2.1.2)
    haml (3.1.4)
    highline (1.6.11)
    hike (1.2.1)
    httpi (0.9.6)
      rack
    i18n (0.6.0)
    jettywrapper (1.2.1)
      activesupport (>= 3.0.0)
      childprocess
      i18n
      logger
      mediashelf-loggable
    journey (1.0.3)
    jquery-rails (2.0.0)
      railties (>= 3.2.0.beta, < 5.0)
      thor (~> 0.14)
    json (1.6.5)
    kaminari (0.13.0)
      actionpack (>= 3.0.0)
      activesupport (>= 3.0.0)
      railties (>= 3.0.0)
    logger (1.2.8)
    lyber-utils (0.1.2)
      bagit (>= 0.1.0)
      nokogiri (>= 1.4.3.1)
      systemu (>= 1.2.0)
      validatable
    mail (2.4.1)
      i18n (>= 0.4.0)
      mime-types (~> 1.16)
      treetop (~> 1.4.8)
    marc (0.4.3)
    mediashelf-loggable (0.4.9)
    mime-types (1.17.2)
    multi_json (1.1.0)
    multipart-post (1.1.2)
    mysql2 (0.3.11)
    net-scp (1.0.4)
      net-ssh (>= 1.99.1)
    net-sftp (2.0.5)
      net-ssh (>= 2.0.9)
    net-ssh (2.3.0)
    net-ssh-gateway (1.1.0)
      net-ssh (>= 1.99.1)
    net-ssh-kerberos (0.2.7)
      net-ssh (>= 2.0)
    nokogiri (1.5.0)
    nori (1.1.0)
    om (1.5.3)
      mediashelf-loggable
      nokogiri (>= 1.4.2)
    pdf-reader (1.0.0)
      Ascii85 (~> 1.0.0)
      ruby-rc4
    polyglot (0.3.3)
    prawn (0.12.0)
      pdf-reader (>= 0.9.0)
      ttfunk (~> 1.0.2)
    progressbar (0.10.0)
    rack (1.4.1)
    rack-cache (1.1)
      rack (>= 0.4)
    rack-ssl (1.3.2)
      rack
    rack-test (0.6.1)
      rack (>= 1.0)
    rails (3.2.0)
      actionmailer (= 3.2.0)
      actionpack (= 3.2.0)
      activerecord (= 3.2.0)
      activeresource (= 3.2.0)
      activesupport (= 3.2.0)
      bundler (~> 1.0)
      railties (= 3.2.0)
    railties (3.2.0)
      actionpack (= 3.2.0)
      activesupport (= 3.2.0)
      rack-ssl (~> 1.3.2)
      rake (>= 0.8.7)
      rdoc (~> 3.4)
      thor (~> 0.14.6)
    rake (0.9.2.2)
    rdf (0.3.5)
      addressable (>= 2.2.6)
    rdf-rdfxml (0.3.5)
      nokogiri (>= 1.4.4)
      rdf (>= 0.3.4)
    rdoc (3.12)
      json (~> 1.4)
    rest-client (1.6.7)
      mime-types (>= 1.16)
    rsolr (1.0.7)
      builder (>= 2.1.2)
    rsolr-ext (1.0.3)
      rsolr (>= 1.0.2)
    ruby-cache (0.3.0)
    ruby-graphviz (1.0.5)
    ruby-prof (0.10.8)
    ruby-rc4 (0.1.5)
    rubydora (0.5.2)
      activemodel
      activesupport
      fastercsv
      mime-types
      nokogiri
      rest-client
      savon
    sass (3.1.15)
    sass-rails (3.2.4)
      railties (~> 3.2.0)
      sass (>= 3.1.10)
      tilt (~> 1.3)
    savon (0.9.9)
      akami (~> 1.0)
      builder (>= 2.1.2)
      gyoku (>= 0.4.0)
      httpi (~> 0.9)
      nokogiri (>= 1.4.0)
      nori (~> 1.1)
      wasabi (~> 2.1)
    solr-ruby (0.0.8)
    solrizer (1.2.0)
      daemons
      mediashelf-loggable (~> 0.4.7)
      nokogiri
      om (>= 1.5.0)
      stomp
      xml-simple
    solrizer-fedora (1.2.3)
      active-fedora (>= 3.1.0)
      activesupport
      fastercsv
      jettywrapper (>= 1.1.0)
      rsolr
      solr-ruby (>= 0.0.6)
      solrizer (>= 1.0.0)
    sprockets (2.1.2)
      hike (~> 1.2)
      rack (~> 1.0)
      tilt (~> 1.1, != 1.3.0)
    sqlite3 (1.3.5)
    stomp (1.2.0)
    systemu (2.4.2)
    thin (1.3.1)
      daemons (>= 1.0.9)
      eventmachine (>= 0.12.6)
      rack (>= 1.0.0)
    thor (0.14.6)
    tilt (1.3.3)
    treetop (1.4.10)
      polyglot
      polyglot (>= 0.3.1)
    ttfunk (1.0.3)
    tzinfo (0.3.31)
    uglifier (1.2.3)
      execjs (>= 0.3.0)
      multi_json (>= 1.0.2)
    unicode (0.4.1)
    uuidtools (2.1.2)
    validatable (1.6.7)
    wasabi (2.1.0)
      nokogiri (>= 1.4.0)
    xml-simple (1.1.1)

PLATFORMS
  ruby

DEPENDENCIES
  active-fedora!
  barby
  blacklight (~> 3.2.0)
  capistrano
  coderay
  coffee-rails (~> 3.2.1)
  dor-services!
  haml
  jquery-rails
  mysql2 (~> 0.3.0)
  net-ssh-kerberos
  prawn (>= 0.12.0)
  progressbar
  rack-webauth!
  rails (= 3.2.0)
  rake
  ruby-graphviz
  ruby-prof
  sass-rails (~> 3.2.3)
  solrizer-fedora
  sqlite3
  thin
  uglifier (>= 1.0.3)
